RESTRICTION: == net452
NUGET
  remote: https://www.nuget.org/api/v2
    FSharp.Core (4.3.4) - redirects: on
    FsUnit.xUnit (3.0)
      FSharp.Core (>= 3.1.2.5)
      xunit (2.1)
    xunit (2.1)
      xunit.assert (2.1)
      xunit.core (2.1)
    xunit.abstractions (2.0)
    xunit.assert (2.1)
    xunit.core (2.1)
      xunit.extensibility.core (2.1)
      xunit.extensibility.execution (2.1)
    xunit.extensibility.core (2.1)
      xunit.abstractions (2.0)
    xunit.extensibility.execution (2.1)
      xunit.extensibility.core (2.1)
